GEM
  remote: https://rubygems.org/
  specs:
    ffi (1.9.10)
    haml (4.0.7)
      tilt
    listen (3.1.1)
      rb-fsevent (>= 0.9.3)
      rb-inotify (>= 0.9.7)
    mime-types (1.25.1)
    mini_portile (0.6.2)
    nokogiri (1.6.6.2)
      mini_portile (~> 0.6.0)
    phantomjs (2.1.1.0)
    rack (1.6.4)
    rack-protection (1.5.3)
      rack
    rb-fsevent (0.9.7)
    rb-inotify (0.9.7)
      ffi (>= 0.5.0)
    rdoc (4.2.0)
    rerun (0.11.0)
      listen (~> 3.0)
    rest-client (1.6.8)
      mime-types (~> 1.16)
      rdoc (>= 2.4.2)
    sinatra (1.4.7)
      rack (~> 1.5)
      rack-protection (~> 1.4)
      tilt (>= 1.3, < 3)
    tilt (2.0.2)

PLATFORMS
  ruby

DEPENDENCIES
  haml
  nokogiri
  phantomjs
  rerun
  rest-client
  sinatra

BUNDLED WITH
   1.11.2
